GEM
  remote: https://rubygems.org/
  specs:
    facter (2.4.6)
    hiera (3.2.2)
    hiera-eyaml (2.1.0)
      highline (~> 1.6.19)
      trollop (~> 2.0)
    highline (1.6.21)
    json_pure (1.8.3)
    puppet (4.8.1)
      facter (> 2.0, < 4)
      hiera (>= 2.0, < 4)
      json_pure (~> 1.8)
    trollop (2.1.2)

PLATFORMS
  ruby

DEPENDENCIES
  hiera-eyaml
  puppet

BUNDLED WITH
   1.11.2
